PATH
  remote: .
  specs:
    vonage (7.24.0)
      multipart-post (~> 2.0)
      net-http-persistent (~> 4.0, >= 4.0.2)
      phonelib
      rexml
      sorbet-runtime (~> 0.5)
      vonage-jwt (~> 0.2.0)
      zeitwerk (~> 2, >= 2.2)

GEM
  remote: https://rubygems.org/
  specs:
    addressable (2.8.6)
      public_suffix (>= 2.0.2, < 6.0)
    base64 (0.2.0)
    bigdecimal (3.1.7)
    codecov (0.6.0)
      simplecov (>= 0.15, < 0.22)
    connection_pool (2.4.1)
    crack (1.0.0)
      bigdecimal
      rexml
    docile (1.4.0)
    hashdiff (1.1.0)
    json (2.7.2)
    jwt (2.8.1)
      base64
    minitest (5.22.3)
    multipart-post (2.4.0)
    net-http-persistent (4.0.2)
      connection_pool (~> 2.2)
    phonelib (0.8.8)
    public_suffix (5.0.5)
    rake (13.2.1)
    rexml (3.2.6)
    simplecov (0.21.2)
      docile (~> 1.1)
      simplecov-html (~> 0.11)
      simplecov_json_formatter (~> 0.1)
    simplecov-html (0.12.3)
    simplecov_json_formatter (0.1.4)
    sorbet (0.5.11352)
      sorbet-static (= 0.5.11352)
    sorbet-runtime (0.5.11352)
    sorbet-static (0.5.11352-universal-darwin)
    sorbet-static (0.5.11352-x86_64-linux)
    timecop (0.9.8)
    vonage-jwt (0.2.0)
      jwt (~> 2)
    webmock (3.23.0)
      addressable (>= 2.8.0)
      crack (>= 0.3.2)
      hashdiff (>= 0.4.0, < 2.0.0)
    yard (0.9.36)
    zeitwerk (2.6.13)

PLATFORMS
  universal-darwin
  x86_64-linux

DEPENDENCIES
  codecov
  json (~> 2)
  minitest (~> 5)
  phonelib
  rake (~> 13)
  simplecov (~> 0.16)
  sorbet
  sorbet-runtime
  timecop
  vonage!
  webmock (~> 3)
  yard (~> 0.9)

BUNDLED WITH
   2.5.3
